GEM
  remote: https://rubygems.org/
  specs:
    childprocess (3.0.0)
    coderay (1.1.3)
    method_source (1.0.0)
    mini_portile2 (2.5.1)
    nokogiri (1.11.4)
      mini_portile2 (~> 2.5.0)
      racc (~> 1.4)
    pry (0.13.1)
      coderay (~> 1.1)
      method_source (~> 1.0)
    racc (1.5.2)
    rubyzip (2.3.0)
    selenium-webdriver (3.142.7)
      childprocess (>= 0.5, < 4.0)
      rubyzip (>= 1.2.2)
    watir-webdriver (0.9.9)
      selenium-webdriver (>= 2.46.2)
    webdrivers (4.4.1)
      nokogiri (~> 1.6)
      rubyzip (>= 1.3.0)
      selenium-webdriver (>= 3.0, < 4.0)

PLATFORMS
  ruby

DEPENDENCIES
  nokogiri
  pry
  watir-webdriver (~> 0.9.9)
  webdrivers (~> 4.0)

BUNDLED WITH
   2.1.4
